PATH
  remote: .
  specs:
    pow-index (0.0.3)
      haml (>= 3.1.0)
      sinatra (>= 1.2.0)

GEM
  remote: http://rubygems.org/
  specs:
    haml (3.1.3)
    rack (1.3.2)
    shoulda (2.11.3)
    sinatra (1.2.6)
      rack (~> 1.1)
      tilt (>= 1.2.2, < 2.0)
    tilt (1.3.3)

PLATFORMS
  ruby

DEPENDENCIES
  pow-index!
  shoulda
